PATH
  remote: /home/lomov/work/github/bosh/agent_client
  specs:
    agent_client (1.local.0)
      httpclient (= 2.2.4)
      yajl-ruby (~> 1.1.0)

PATH
  remote: /home/lomov/work/github/bosh/bosh-registry
  specs:
    bosh-registry (1.local.0)
      aws-sdk (= 1.8.5)
      fog (~> 1.14.0)
      sequel (~> 3.43.0)
      sinatra (~> 1.4.2)
      thin (~> 1.5.0)
      yajl-ruby (~> 1.1.0)

PATH
  remote: /home/lomov/work/github/bosh/bosh-stemcell
  specs:
    bosh-stemcell (1.local.0)
      bosh_aws_cpi (~> 1.local.0)

PATH
  remote: /home/lomov/work/github/bosh/bosh_aws_cpi
  specs:
    bosh_aws_cpi (1.local.0)
      aws-sdk (= 1.8.5)
      bosh-registry (~> 1.local.0)
      bosh_common (~> 1.local.0)
      bosh_cpi (~> 1.local.0)
      httpclient (= 2.2.4)
      yajl-ruby (>= 0.8.2)

PATH
  remote: /home/lomov/work/github/bosh/bosh_cli
  specs:
    bosh_cli (1.local.0)
      blobstore_client (~> 1.local.0)
      bosh_common (~> 1.local.0)
      highline (~> 1.6.2)
      httpclient (= 2.2.4)
      json_pure (~> 1.7)
      minitar (~> 0.5.4)
      net-scp (~> 1.1.0)
      net-ssh (>= 2.2.1)
      net-ssh-gateway (~> 1.1.0)
      netaddr (~> 1.5.0)
      progressbar (~> 0.9.0)
      terminal-table (~> 1.4.3)

PATH
  remote: /home/lomov/work/github/bosh/bosh_cli_plugin_micro
  specs:
    bosh_cli_plugin_micro (1.local.0)
      agent_client (~> 1.local.0)
      bosh-registry (~> 1.local.0)
      bosh-stemcell (~> 1.local.0)
      bosh_aws_cpi (~> 1.local.0)
      bosh_cli (~> 1.local.0)
      bosh_cpi (~> 1.local.0)
      bosh_google_cpi (~> 1.local.0)
      bosh_openstack_cpi (~> 1.local.0)
      bosh_vcloud_cpi (~> 0.4.9)
      bosh_vsphere_cpi (~> 1.local.0)
      sqlite3 (~> 1.3.7)

PATH
  remote: /home/lomov/work/github/bosh/bosh_google_cpi
  specs:
    bosh_google_cpi (1.local.0)
      bosh-registry (~> 1.local.0)
      bosh_common (~> 1.local.0)
      bosh_cpi (~> 1.local.0)
      fog (= 1.14.0)
      google-api-client (~> 0.6.4)
      httpclient (= 2.2.4)
      mime-types (>= 0.8.2)
      yajl-ruby (>= 0.8.2)

PATH
  remote: /home/lomov/work/github/bosh/bosh_openstack_cpi
  specs:
    bosh_openstack_cpi (1.local.0)
      bosh-registry (~> 1.local.0)
      bosh_common (~> 1.local.0)
      bosh_cpi (~> 1.local.0)
      fog (~> 1.14.0)
      httpclient (= 2.2.4)
      yajl-ruby (>= 0.8.2)

GEM
  remote: https://rubygems.org/
  specs:
    addressable (2.3.5)
    autoparse (0.3.3)
      addressable (>= 2.3.1)
      extlib (>= 0.9.15)
      multi_json (>= 1.0.0)
    aws-sdk (1.8.5)
      json (~> 1.4)
      nokogiri (>= 1.4.4)
      uuidtools (~> 2.1)
    blobstore_client (1.1798.0)
      aws-sdk (= 1.8.5)
      bosh_common (~> 1.1798.0)
      fog (~> 1.14.0)
      httpclient (= 2.2.4)
      multi_json (~> 1.1)
      ruby-atmos-pure (~> 1.0.5)
    bosh_common (1.1798.0)
    bosh_cpi (1.1798.0)
      bosh_common (~> 1.1798.0)
    bosh_vcloud_cpi (0.4.9)
      bosh_common
      bosh_cpi (>= 0.4.2)
      ruby_vcloud_sdk
      uuidtools
      yajl-ruby (>= 0.8.2)
    bosh_vsphere_cpi (1.1798.0)
      bosh_common (~> 1.1798.0)
      bosh_cpi (~> 1.1798.0)
      membrane (~> 0.0.2)
      sequel (~> 3.43.0)
    builder (3.2.2)
    daemons (1.1.9)
    eventmachine (1.0.3)
    excon (0.25.3)
    extlib (0.9.16)
    faraday (0.8.9)
      multipart-post (~> 1.2.0)
    fog (1.14.0)
      builder
      excon (~> 0.25.0)
      formatador (~> 0.2.0)
      mime-types
      multi_json (~> 1.0)
      net-scp (~> 1.1)
      net-ssh (>= 2.1.3)
      nokogiri (~> 1.5)
      ruby-hmac
    formatador (0.2.4)
    google-api-client (0.6.4)
      addressable (>= 2.3.2)
      autoparse (>= 0.3.3)
      extlib (>= 0.9.15)
      faraday (~> 0.8.4)
      jwt (>= 0.1.5)
      launchy (>= 2.1.1)
      multi_json (>= 1.0.0)
      signet (~> 0.4.5)
      uuidtools (>= 2.1.0)
    highline (1.6.20)
    httpclient (2.2.4)
    json (1.8.1)
    json_pure (1.8.1)
    jwt (0.1.11)
      multi_json (>= 1.5)
    launchy (2.4.2)
      addressable (~> 2.3)
    log4r (1.1.10)
    membrane (0.0.2)
    mime-types (2.0)
    mini_portile (0.5.2)
    minitar (0.5.4)
    multi_json (1.8.4)
    multipart-post (1.2.0)
    net-scp (1.1.2)
      net-ssh (>= 2.6.5)
    net-ssh (2.7.0)
    net-ssh-gateway (1.1.0)
      net-ssh (>= 1.99.1)
    netaddr (1.5.0)
    nokogiri (1.6.1)
      mini_portile (~> 0.5.0)
    progressbar (0.9.2)
    rack (1.5.2)
    rack-protection (1.5.2)
      rack
    rake (10.1.1)
    rest-client (1.6.7)
      mime-types (>= 1.16)
    ruby-atmos-pure (1.0.5)
      log4r (>= 1.1.9)
      ruby-hmac (>= 0.4.0)
    ruby-hmac (0.4.0)
    ruby_vcloud_sdk (0.4.8)
      builder
      httpclient
      nokogiri (~> 1.5)
      rest-client
    sequel (3.43.0)
    signet (0.4.5)
      addressable (>= 2.2.3)
      faraday (~> 0.8.1)
      jwt (>= 0.1.5)
      multi_json (>= 1.0.0)
    sinatra (1.4.4)
      rack (~> 1.4)
      rack-protection (~> 1.4)
      tilt (~> 1.3, >= 1.3.4)
    sqlite3 (1.3.8)
    terminal-table (1.4.5)
    thin (1.5.1)
      daemons (>= 1.0.9)
      eventmachine (>= 0.12.6)
      rack (>= 1.0.0)
    tilt (1.4.1)
    uuidtools (2.1.4)
    yajl-ruby (1.1.0)

PLATFORMS
  ruby

DEPENDENCIES
  agent_client!
  bosh-registry!
  bosh-stemcell!
  bosh_aws_cpi!
  bosh_cli!
  bosh_cli_plugin_micro!
  bosh_google_cpi!
  bosh_openstack_cpi!
  rake
